GEM
  remote: https://rubygems.org/
  specs:
    activesupport (4.2.11)
      i18n (~> 0.7)
      minitest (~> 5.1)
      thread_safe (~> 0.3, >= 0.3.4)
      tzinfo (~> 1.1)
    amazon-ec2 (0.9.17)
      xml-simple (>= 1.0.12)
    aws-sdk (2.11.212)
      aws-sdk-resources (= 2.11.212)
    aws-sdk-core (2.11.212)
      aws-sigv4 (~> 1.0)
      jmespath (~> 1.0)
    aws-sdk-resources (2.11.212)
      aws-sdk-core (= 2.11.212)
    aws-sigv4 (1.0.3)
    azure (0.6.4)
      json (~> 1.8)
      mime-types (~> 1.0)
      nokogiri (~> 1.5)
      systemu (~> 2.6)
      uuid (~> 2.0)
    builder (3.2.3)
    concurrent-ruby (1.1.4)
    configparser (0.1.7)
    curb (0.9.8)
    daemons (1.3.1)
    eventmachine (1.2.7)
    faraday (0.15.4)
      multipart-post (>= 1.2, < 3)
    faraday_middleware (0.13.0)
      faraday (>= 0.7.4, < 1.0)
    hashie (3.6.0)
    highline (1.7.10)
    i18n (0.9.5)
      concurrent-ruby (~> 1.0)
    inflection (1.0.0)
    jmespath (1.4.0)
    json (1.8.6)
    macaddr (1.7.1)
      systemu (~> 2.6.2)
    memcache-client (1.8.5)
    mime-types (1.25.1)
    minitest (5.11.3)
    multi_json (1.13.1)
    multipart-post (2.0.0)
    mysql2 (0.5.2)
    net-ldap (0.8.0)
    nokogiri (1.5.11)
    ox (2.10.0)
    parse-cron (0.1.4)
    polyglot (0.3.5)
    public_suffix (2.0.5)
    rack (1.6.11)
    rack-protection (1.5.5)
      rack
    scrub_rb (1.0.1)
    sequel (5.16.0)
    sinatra (1.4.8)
      rack (~> 1.5)
      rack-protection (~> 1.4)
      tilt (>= 1.3, < 3)
    sqlite3 (1.3.13)
    systemu (2.6.5)
    thin (1.7.2)
      daemons (~> 1.0, >= 1.0.9)
      eventmachine (~> 1.0, >= 1.0.4)
      rack (>= 1, < 3)
    thread_safe (0.3.6)
    tilt (2.0.9)
    treetop (1.6.10)
      polyglot (~> 0.3)
    trollop (2.9.9)
    tzinfo (1.2.5)
      thread_safe (~> 0.1)
    uuid (2.3.9)
      macaddr (~> 1.0)
    uuidtools (2.1.5)
    xml-simple (1.1.5)
    zendesk_api (1.4.6)
      faraday (~> 0.9)
      hashie (>= 1.2, < 4.0)
      inflection
      mime-types (~> 1.0)
      multi_json
      multipart-post (~> 2.0)

PLATFORMS
  ruby

DEPENDENCIES
  activesupport (~> 4.2)
  amazon-ec2
  aws-sdk (~> 2.5)
  azure
  builder
  configparser
  curb
  faraday (~> 0.15)
  faraday_middleware (~> 0.12)
  highline (~> 1.7)
  i18n (~> 0.9)
  memcache-client
  mysql2
  net-ldap (< 0.9)
  nokogiri (< 1.6.0)
  ox
  parse-cron
  public_suffix (< 3.0.0)
  rack (< 2.0.0)
  scrub_rb
  sequel
  sinatra
  sqlite3
  thin
  treetop (>= 1.6.3)
  trollop
  uuidtools
  zendesk_api (< 1.5)

BUNDLED WITH
   1.11.2
